GEM
  remote: https://rubygems.org/
  specs:
    passenger (5.3.3)
      rack
      rake (>= 0.8.1)
    rack (2.0.5)
    rake (12.3.1)

PLATFORMS
  ruby

DEPENDENCIES
  passenger (~> 5.0)

BUNDLED WITH
   1.16.1
