GEM
  remote: https://rubygems.org/
  specs:
    puma (3.12.0)

PLATFORMS
  ruby

DEPENDENCIES
  puma (~> 3.7)

BUNDLED WITH
   1.16.1
